GEM
  remote: https://rubygems.org/
  specs:
    CFPropertyList (2.3.6)
    diff-lcs (1.3)
    domain_name (0.5.20170404)
      unf (>= 0.0.5, < 1.0.0)
    facter (2.5.1)
      CFPropertyList (~> 2.2)
    fast_gettext (1.1.0)
    gettext (3.2.6)
      locale (>= 2.0.5)
      text (>= 1.3.0)
    gettext-setup (0.29)
      fast_gettext (~> 1.1.0)
      gettext (>= 3.0.2)
      locale
    hiera (3.4.2)
    http-cookie (1.0.3)
      domain_name (~> 0.5)
    locale (2.1.2)
    metaclass (0.0.4)
    mime-types (3.1)
      mime-types-data (~> 3.2015)
    mime-types-data (3.2016.0521)
    mocha (1.3.0)
      metaclass (~> 0.0.1)
    netrc (0.11.0)
    puppet (5.3.3)
      CFPropertyList (~> 2.2)
      facter (> 2.0, < 4)
      gettext-setup (>= 0.10, < 1)
      hiera (>= 3.2.1, < 4)
      locale (~> 2.1)
    puppet-blacksmith (4.1.2)
      rest-client (~> 2.0)
    puppet-lint (2.3.3)
    puppet-strings (1.1.1)
      yard (~> 0.9.5)
    puppet-syntax (2.4.1)
      rake
    puppetlabs_spec_helper (2.6.1)
      mocha (~> 1.0)
      puppet-lint (~> 2.0)
      puppet-syntax (~> 2.0)
      rspec-puppet (~> 2.0)
    rake (12.3.0)
    rest-client (2.0.2)
      http-cookie (>= 1.0.2, < 2.0)
      mime-types (>= 1.16, < 4.0)
      netrc (~> 0.8)
    rspec (3.7.0)
      rspec-core (~> 3.7.0)
      rspec-expectations (~> 3.7.0)
      rspec-mocks (~> 3.7.0)
    rspec-core (3.7.0)
      rspec-support (~> 3.7.0)
    rspec-expectations (3.7.0)
      diff-lcs (>= 1.2.0, < 2.0)
      rspec-support (~> 3.7.0)
    rspec-mocks (3.7.0)
      diff-lcs (>= 1.2.0, < 2.0)
      rspec-support (~> 3.7.0)
    rspec-puppet (2.6.9)
      rspec
    rspec-support (3.7.0)
    text (1.3.1)
    unf (0.1.4)
      unf_ext
    unf_ext (0.0.7.4)
    yard (0.9.12)

PLATFORMS
  ruby

DEPENDENCIES
  puppet
  puppet-blacksmith
  puppet-strings
  puppetlabs_spec_helper
  rspec-puppet
  yard

BUNDLED WITH
   1.13.7
